GEM
  remote: https://rubygems.org/
  specs:
    jwt (2.1.0)
    nomis-api-client (0.1.4)
      jwt
      openssl
    openssl (2.0.6)

PLATFORMS
  ruby

DEPENDENCIES
  nomis-api-client

BUNDLED WITH
   1.15.4
