GEM
  remote: https://rubygems.org/
  specs:
    jwt (1.5.6)
    nomis-api-client (0.1.3)
      jwt
      openssl
    openssl (2.0.3)

PLATFORMS
  ruby

DEPENDENCIES
  nomis-api-client

BUNDLED WITH
   1.15.1
